GEM
  remote: https://rubygems.org/
  specs:
    CFPropertyList (3.0.5)
      rexml
    activesupport (7.0.8)
      concurrent-ruby (~> 1.0, >= 1.0.2)
      i18n (>= 1.6, < 2)
      minitest (>= 5.1)
      tzinfo (~> 2.0)
    addressable (2.8.0)
      public_suffix (>= 2.0.2, < 5.0)
    algoliasearch (1.27.5)
      httpclient (~> 2.8, >= 2.8.3)
      json (>= 1.5.1)
    atomos (0.1.3)
    claide (1.1.0)
    cocoapods (1.12.1)
      addressable (~> 2.8)
      claide (>= 1.0.2, < 2.0)
      cocoapods-core (= 1.12.1)
      cocoapods-deintegrate (>= 1.0.3, < 2.0)
      cocoapods-downloader (>= 1.6.0, < 2.0)
      cocoapods-plugins (>= 1.0.0, < 2.0)
      cocoapods-search (>= 1.0.0, < 2.0)
      cocoapods-trunk (>= 1.6.0, < 2.0)
      cocoapods-try (>= 1.1.0, < 2.0)
      colored2 (~> 3.1)
      escape (~> 0.0.4)
      fourflusher (>= 2.3.0, < 3.0)
      gh_inspector (~> 1.0)
      molinillo (~> 0.8.0)
      nap (~> 1.0)
      ruby-macho (>= 2.3.0, < 3.0)
      xcodeproj (>= 1.21.0, < 2.0)
    cocoapods-core (1.12.1)
      activesupport (>= 5.0, < 8)
      addressable (~> 2.8)
      algoliasearch (~> 1.0)
      concurrent-ruby (~> 1.1)
      fuzzy_match (~> 2.0.4)
      nap (~> 1.0)
      netrc (~> 0.11)
      public_suffix (~> 4.0)
      typhoeus (~> 1.0)
    cocoapods-deintegrate (1.0.5)
    cocoapods-downloader (1.6.3)
    cocoapods-plugins (1.0.0)
      nap
    cocoapods-search (1.0.1)
    cocoapods-trunk (1.6.0)
      nap (>= 0.8, < 2.0)
      netrc (~> 0.11)
    cocoapods-try (1.2.0)
    colored2 (3.1.2)
    concurrent-ruby (1.2.2)
    escape (0.0.4)
    ethon (0.16.0)
      ffi (>= 1.15.0)
    faraday (1.1.0)
      multipart-post (>= 1.2, < 3)
      ruby2_keywords
    ffi (1.16.3)
    fourflusher (2.3.1)
    fuzzy_match (2.0.4)
    gh_inspector (1.1.3)
    httpclient (2.8.3)
    i18n (1.14.1)
      concurrent-ruby (~> 1.0)
    json (2.7.2)
    minitest (5.20.0)
    molinillo (0.8.0)
    multipart-post (2.1.1)
    nanaimo (0.3.0)
    nap (1.1.0)
    netrc (0.11.0)
    octokit (4.19.0)
      faraday (>= 0.9)
      sawyer (~> 0.8.0, >= 0.5.3)
    plist (3.6.0)
    public_suffix (4.0.6)
    rexml (3.3.9)
    ruby-macho (2.5.1)
    ruby2_keywords (0.0.2)
    sawyer (0.8.2)
      addressable (>= 2.3.5)
      faraday (> 0.8, < 2.0)
    typhoeus (1.4.1)
      ethon (>= 0.9.0)
    tzinfo (2.0.6)
      concurrent-ruby (~> 1.0)
    xcodeproj (1.25.0)
      CFPropertyList (>= 2.3.3, < 4.0)
      atomos (~> 0.1.3)
      claide (>= 1.0.2, < 2.0)
      colored2 (~> 3.1)
      nanaimo (~> 0.3.0)
      rexml (>= 3.3.2, < 4.0)

PLATFORMS
  x86_64-linux

DEPENDENCIES
  activesupport (= 7.0.8)
  cocoapods
  octokit (~> 4.19)
  plist
  xcodeproj (~> 1.21)

BUNDLED WITH
   2.3.11
